PATH
  remote: .
  specs:
    omniauth-ucam-raven (1.0.1)
      omniauth (>= 1, < 3)

GEM
  remote: https://rubygems.org/
  specs:
    hashie (5.0.0)
    omniauth (2.1.0)
      hashie (>= 3.4.6)
      rack (>= 2.2.3)
      rack-protection
    rack (3.0.6.1)
    rack-protection (2.2.2)
      rack

PLATFORMS
  ruby

DEPENDENCIES
  bundler (~> 2.0)
  omniauth-ucam-raven!

BUNDLED WITH
   2.1.4
