PATH
  remote: .
  specs:
    omniauth-ucam-raven (1.0.1)
      omniauth (~> 1.0)

GEM
  remote: https://rubygems.org/
  specs:
    hashie (4.1.0)
    omniauth (1.9.1)
      hashie (>= 3.4.6)
      rack (>= 1.6.2, < 3)
    rack (2.2.3)

PLATFORMS
  ruby

DEPENDENCIES
  bundler (~> 2.0)
  omniauth-ucam-raven!

BUNDLED WITH
   2.1.4
