PATH
  remote: .
  specs:
    omniauth-ucam-raven (1.0.0)
      omniauth (~> 1.0)

GEM
  remote: https://rubygems.org/
  specs:
    hashie (3.5.7)
    omniauth (1.8.1)
      hashie (>= 3.4.6, < 3.6.0)
      rack (>= 1.6.2, < 3)
    rack (2.0.8)

PLATFORMS
  ruby

DEPENDENCIES
  bundler (~> 1.5)
  omniauth-ucam-raven!

BUNDLED WITH
   1.16.6
