GEM
  remote: https://rubygems.org/
  specs:
    hashie (3.5.7)
    mustermann (1.0.3)
    omniauth (1.8.1)
      hashie (>= 3.4.6, < 3.6.0)
      rack (>= 1.6.2, < 3)
    omniauth-ucam-raven (1.0.1)
      omniauth (~> 1.0)
    rack (2.0.8)
    rack-protection (2.0.4)
      rack
    sinatra (2.0.4)
      mustermann (~> 1.0)
      rack (~> 2.0)
      rack-protection (= 2.0.4)
      tilt (~> 2.0)
    tilt (2.0.8)

PLATFORMS
  ruby

DEPENDENCIES
  omniauth-ucam-raven
  sinatra

BUNDLED WITH
   1.16.6
