PATH
  remote: ../..
  specs:
    omniauth-ucam-raven (2.0.1)
      omniauth (>= 1, < 3)

GEM
  remote: https://rubygems.org/
  specs:
    hashie (5.0.0)
    mustermann (3.0.0)
      ruby2_keywords (~> 0.0.1)
    omniauth (2.1.1)
      hashie (>= 3.4.6)
      rack (>= 2.2.3)
      rack-protection
    rack (2.2.6.4)
    rack-protection (3.0.4)
      rack
    ruby2_keywords (0.0.5)
    sinatra (3.0.4)
      mustermann (~> 3.0)
      rack (~> 2.2, >= 2.2.4)
      rack-protection (= 3.0.4)
      tilt (~> 2.0)
    tilt (2.0.11)

PLATFORMS
  ruby

DEPENDENCIES
  omniauth-ucam-raven!
  sinatra

BUNDLED WITH
   2.1.4
