PATH
  remote: ../..
  specs:
    omniauth-ucam-raven (2.0.1)
      omniauth (~> 1.0)

GEM
  remote: https://rubygems.org/
  specs:
    hashie (4.1.0)
    mustermann (1.1.1)
      ruby2_keywords (~> 0.0.1)
    omniauth (1.9.1)
      hashie (>= 3.4.6)
      rack (>= 1.6.2, < 3)
    rack (2.2.3)
    rack-protection (2.2.0)
      rack
    ruby2_keywords (0.0.5)
    sinatra (2.2.0)
      mustermann (~> 1.0)
      rack (~> 2.2)
      rack-protection (= 2.2.0)
      tilt (~> 2.0)
    tilt (2.0.10)

PLATFORMS
  ruby

DEPENDENCIES
  omniauth-ucam-raven!
  sinatra

BUNDLED WITH
   2.1.4
